GIT
  remote: https://github.com/alown/feedtosis
  revision: d763f2cdae9d75a42f9b04b03bc28b71b57c4525
  specs:
    feedtosis (0.0.3.6)
      curb
      feed-normalizer
      http_headers
      moneta

GEM
  remote: https://rubygems.org/
  specs:
    airbrussh (1.1.2)
      sshkit (>= 1.6.1, != 1.7.0)
    capistrano (3.7.2)
      airbrussh (>= 1.0.0)
      capistrano-harrow
      i18n
      rake (>= 10.0.0)
      sshkit (>= 1.9.0)
    capistrano-harrow (0.5.3)
    concurrent-ruby (1.0.5)
    connection_pool (2.2.1)
    curb (0.9.3)
    dalli (2.7.6)
    dotenv (2.2.0)
    feed-normalizer (1.5.2)
      hpricot (>= 0.6)
      simple-rss (>= 1.1)
    hpricot (0.8.6)
    http_headers (0.0.2.3)
    i18n (0.8.1)
    moneta (0.8.1)
    net-scp (1.2.1)
      net-ssh (>= 2.6.5)
    net-ssh (4.1.0)
    rack (2.0.1)
    rack-protection (1.5.3)
      rack
    rake (12.0.0)
    redis (3.3.3)
    sidekiq (4.2.9)
      concurrent-ruby (~> 1.0)
      connection_pool (~> 2.2, >= 2.2.0)
      rack-protection (>= 1.5.0)
      redis (~> 3.2, >= 3.2.1)
    simple-rss (1.3.1)
    sshkit (1.12.0)
      net-scp (>= 1.1.2)
      net-ssh (>= 2.8.0)

PLATFORMS
  ruby

DEPENDENCIES
  capistrano
  dalli
  dotenv
  feedtosis!
  moneta
  sidekiq

RUBY VERSION
   ruby 2.3.3p222

BUNDLED WITH
   1.14.6
