GIT
  remote: https://github.com/alown/feedtosis
  revision: d763f2cdae9d75a42f9b04b03bc28b71b57c4525
  specs:
    feedtosis (0.0.3.6)
      curb
      feed-normalizer
      http_headers
      moneta

GEM
  remote: https://rubygems.org/
  specs:
    concurrent-ruby (1.0.2)
    connection_pool (2.2.1)
    curb (0.9.3)
    dalli (2.7.6)
    dotenv (2.1.1)
    feed-normalizer (1.5.2)
      hpricot (>= 0.6)
      simple-rss (>= 1.1)
    hpricot (0.8.6)
    http_headers (0.0.2.3)
    moneta (0.8.0)
    rack (2.0.1)
    rack-protection (1.5.3)
      rack
    redis (3.3.2)
    sidekiq (4.2.7)
      concurrent-ruby (~> 1.0)
      connection_pool (~> 2.2, >= 2.2.0)
      rack-protection (>= 1.5.0)
      redis (~> 3.2, >= 3.2.1)
    simple-rss (1.3.1)

PLATFORMS
  ruby

DEPENDENCIES
  dalli
  dotenv
  feedtosis!
  moneta
  sidekiq

RUBY VERSION
   ruby 2.3.1p112

BUNDLED WITH
   1.13.6
